PATH
  remote: .
  specs:
    spork (1.0.0rc5)

GEM
  remote: https://rubygems.org/
  specs:
    builder (3.2.2)
    byebug (8.2.2)
    cucumber (2.3.3)
      builder (>= 2.1.2)
      cucumber-core (~> 1.4.0)
      cucumber-wire (~> 0.0.1)
      diff-lcs (>= 1.1.3)
      gherkin (~> 3.2.0)
      multi_json (>= 1.7.5, < 2.0)
      multi_test (>= 0.1.2)
    cucumber-core (1.4.0)
      gherkin (~> 3.2.0)
    cucumber-wire (0.0.1)
    diff-lcs (1.2.5)
    gherkin (3.2.0)
    multi_json (1.11.2)
    multi_test (0.1.2)
    rake (11.1.2)
    rspec (2.99.0)
      rspec-core (~> 2.99.0)
      rspec-expectations (~> 2.99.0)
      rspec-mocks (~> 2.99.0)
    rspec-core (2.99.2)
    rspec-expectations (2.99.2)
      diff-lcs (>= 1.1.3, < 2.0)
    rspec-mocks (2.99.4)

PLATFORMS
  ruby
  x86-mingw32

DEPENDENCIES
  byebug
  cucumber (~> 2.3.3)
  rake
  rspec (~> 2.99.0)
  spork!

BUNDLED WITH
   1.11.2
